GEM
  remote: https://rubygems.org/
  specs:
    ast (2.4.0)
    concurrent-ruby (1.1.8)
    deep_merge (1.2.1)
    diff-lcs (1.3)
    facter (2.5.1)
    faraday (0.13.1)
      multipart-post (>= 1.2, < 3)
    faraday_middleware (0.12.2)
      faraday (>= 0.7.4, < 1.0)
    fast_gettext (1.1.2)
    gettext (3.2.9)
      locale (>= 2.0.5)
      text (>= 1.3.0)
    gettext-setup (0.30)
      fast_gettext (~> 1.1.0)
      gettext (>= 3.0.2)
      locale
    hiera (3.7.0)
    hocon (1.3.1)
    httpclient (2.8.3)
    jaro_winkler (1.5.2)
    librarian-puppet (3.0.0)
      librarianp (>= 0.6.3)
      puppet_forge (~> 2.1)
      rsync
    librarianp (0.6.4)
      thor (~> 0.15)
    locale (2.1.3)
    metaclass (0.0.4)
    minitar (0.8)
    mocha (1.8.0)
      metaclass (~> 0.0.1)
    multi_json (1.15.0)
    multipart-post (2.0.0)
    parallel (1.17.0)
    parser (2.6.3.0)
      ast (~> 2.4.0)
    pathspec (0.2.1)
    puppet (6.13.0)
      concurrent-ruby (~> 1.0)
      deep_merge (~> 1.0)
      facter (> 2.0.1, < 5)
      fast_gettext (~> 1.1)
      hiera (>= 3.2.1, < 4)
      httpclient (~> 2.8)
      locale (~> 2.1)
      multi_json (~> 1.10)
      puppet-resource_api (~> 1.5)
      semantic_puppet (~> 1.0)
    puppet-lint (2.3.6)
    puppet-lint-absolute_template_path (1.0.1)
      puppet-lint (>= 1.1, < 3.0)
    puppet-lint-legacy_facts-check (1.0.0)
      puppet-lint (~> 2.0)
    puppet-lint-strict_indent-check (2.0.7)
      puppet-lint (> 1.0)
    puppet-lint-top_scope_facts-check (1.0.0)
      puppet-lint (~> 2.0)
    puppet-lint-unquoted_string-check (0.3.0)
      puppet-lint (>= 1.0, < 3.0)
    puppet-lint-variable_contains_upcase (1.2.0)
      puppet-lint (>= 1.0, < 3.0)
    puppet-resource_api (1.8.13)
      hocon (>= 1.0)
    puppet-syntax (2.4.3)
      rake
    puppet_forge (2.2.9)
      faraday (>= 0.9.0, < 0.14.0)
      faraday_middleware (>= 0.9.0, < 0.13.0)
      gettext-setup (~> 0.11)
      minitar
      semantic_puppet (~> 1.0)
    puppetlabs_spec_helper (2.14.1)
      mocha (~> 1.0)
      pathspec (~> 0.2.1)
      puppet-lint (~> 2.0)
      puppet-syntax (~> 2.0)
      rspec-puppet (~> 2.0)
    rainbow (3.0.0)
    rake (13.0.1)
    rspec (3.8.0)
      rspec-core (~> 3.8.0)
      rspec-expectations (~> 3.8.0)
      rspec-mocks (~> 3.8.0)
    rspec-core (3.8.0)
      rspec-support (~> 3.8.0)
    rspec-expectations (3.8.3)
      diff-lcs (>= 1.2.0, < 2.0)
      rspec-support (~> 3.8.0)
    rspec-mocks (3.8.0)
      diff-lcs (>= 1.2.0, < 2.0)
      rspec-support (~> 3.8.0)
    rspec-puppet (2.7.3)
      rspec
    rspec-support (3.8.0)
    rsync (1.0.9)
    rubocop (0.68.0)
      jaro_winkler (~> 1.5.1)
      parallel (~> 1.10)
      parser (>= 2.5, != 2.5.1.1)
      rainbow (>= 2.2.2, < 4.0)
      ruby-progressbar (~> 1.7)
      unicode-display_width (>= 1.4.0, < 1.6)
    ruby-progressbar (1.10.0)
    semantic_puppet (1.0.3)
    text (1.3.1)
    thor (0.20.3)
    unicode-display_width (1.5.0)

PLATFORMS
  ruby

DEPENDENCIES
  facter
  librarian-puppet
  puppet
  puppet-lint
  puppet-lint-absolute_template_path
  puppet-lint-legacy_facts-check
  puppet-lint-strict_indent-check
  puppet-lint-top_scope_facts-check
  puppet-lint-unquoted_string-check
  puppet-lint-variable_contains_upcase
  puppetlabs_spec_helper
  rspec-puppet
  rubocop

BUNDLED WITH
   1.16.4
